GEM
  remote: https://rubygems.org/
  remote: https://rubygems.herokuapp.com/
  specs:
    P4Ruby-mingwx86 (2014.1)
    awesome_print (1.2.0)
    rake (10.3.1)

PLATFORMS
  x86-mingw32

DEPENDENCIES
  P4Ruby-mingwx86 (~> 2014.1)
  awesome_print
  rake
